PATH
  remote: .
  specs:
    wgibbs-rest-client (1.6.2)
      mime-types (~> 1.16.0)

GEM
  remote: http://rubygems.org/
  specs:
    addressable (2.2.4)
    crack (0.1.8)
    diff-lcs (1.1.2)
    mime-types (1.16)
    rspec (2.5.0)
      rspec-core (~> 2.5.0)
      rspec-expectations (~> 2.5.0)
      rspec-mocks (~> 2.5.0)
    rspec-core (2.5.1)
    rspec-expectations (2.5.0)
      diff-lcs (~> 1.1.2)
    rspec-mocks (2.5.0)
    webmock (1.6.2)
      addressable (>= 2.2.2)
      crack (>= 0.1.7)
    yard (0.6.5)

PLATFORMS
  ruby

DEPENDENCIES
  bundler (~> 1.0)
  rspec (~> 2.5.0)
  webmock (~> 1.6.0)
  wgibbs-rest-client!
  yard (~> 0.6.0)
